PATH
  remote: .
  specs:
    knn (0.2.0)
      descriptive_statistics (~> 2.5)

GEM
  remote: https://rubygems.org/
  specs:
    byebug (8.0.1)
    descriptive_statistics (2.5.1)

PLATFORMS
  ruby

DEPENDENCIES
  byebug
  knn!

BUNDLED WITH
   1.10.6
