PATH
  remote: .
  specs:
    knn (0.1.0)
      descriptive_statistics (~> 2.5)

GEM
  remote: https://rubygems.org/
  specs:
    descriptive_statistics (2.5.1)

PLATFORMS
  ruby

DEPENDENCIES
  knn!

BUNDLED WITH
   1.10.6
